GEM
  remote: https://rubygems.org/
  specs:
    activemodel (6.0.2.1)
      activesupport (= 6.0.2.1)
    activerecord (6.0.2.1)
      activemodel (= 6.0.2.1)
      activesupport (= 6.0.2.1)
    activesupport (6.0.2.1)
      concurrent-ruby (~> 1.0, >= 1.0.2)
      i18n (>= 0.7, < 2)
      minitest (~> 5.1)
      tzinfo (~> 1.1)
      zeitwerk (~> 2.2)
    chronic (0.10.2)
    coderay (1.1.2)
    concurrent-ruby (1.1.6)
    ffi (1.12.2)
    foreman (0.87.0)
    i18n (1.8.2)
      concurrent-ruby (~> 1.0)
    listen (3.2.1)
      rb-fsevent (~> 0.10, >= 0.10.3)
      rb-inotify (~> 0.9, >= 0.9.10)
    method_source (0.9.2)
    mini_portile2 (2.4.0)
    minitest (5.14.0)
    mustermann (1.1.1)
      ruby2_keywords (~> 0.0.1)
    nokogiri (1.10.9)
      mini_portile2 (~> 2.4.0)
    pg (1.2.2)
    pry (0.12.2)
      coderay (~> 1.1.0)
      method_source (~> 0.9.0)
    rack (2.2.2)
    rack-protection (2.0.8.1)
      rack
    rake (13.0.1)
    rb-fsevent (0.10.3)
    rb-inotify (0.10.1)
      ffi (~> 1.0)
    require_all (3.0.0)
    rerun (0.13.0)
      listen (~> 3.0)
    ruby2_keywords (0.0.2)
    sinatra (2.0.8.1)
      mustermann (~> 1.0)
      rack (~> 2.0)
      rack-protection (= 2.0.8.1)
      tilt (~> 2.0)
    sinatra-activerecord (2.0.14)
      activerecord (>= 3.2)
      sinatra (>= 1.0)
    thread_safe (0.3.6)
    tilt (2.0.10)
    tzinfo (1.2.6)
      thread_safe (~> 0.1)
    whenever (1.0.0)
      chronic (>= 0.6.3)
    zeitwerk (2.3.0)

PLATFORMS
  ruby

DEPENDENCIES
  activerecord
  foreman
  nokogiri
  pg
  pry
  rake
  require_all
  rerun
  sinatra
  sinatra-activerecord
  whenever

BUNDLED WITH
   2.1.2
